##TITLE= Parameter file, TopSpin 4.1.1
##JCAMPDX= 5.0
##DATATYPE= Parameter Values
##NPOINTS= 1	$$ modification sequence number
##ORIGIN= Bruker BioSpin GmbH
##OWNER= m_buss13
$$ 2021-04-20 15:43:55.456 +0200  m_buss13@hansen24
$$ /home/m_buss13/ownCloud/nmr_data/development/195Pt_[Pt(NH3)4]Cl2_WCPMG_14.06.16/7/pdata/11/proc
$$ process /opt/topspin4.1.1/prog/mod/dirdata
##$ABSF1= 1431.603
##$ABSF2= -1513.987
##$ABSG= 5
##$ABSL= 3
##$ALPHA= 0
##$AQORDER= 0
##$ASSFAC= 0
##$ASSFACI= 0
##$ASSFACX= 0
##$ASSWID= 0
##$AUNMP= <proc_1d>
##$AXLEFT= 0
##$AXNAME= <>
##$AXNUC= <off>
##$AXRIGHT= 0
##$AXTYPE= 0
##$AXUNIT= <>
##$AZFE= 0.1
##$AZFW= 0.5
##$BCFW= 1
##$BC_mod= 0
##$BYTORDP= 0
##$COROFFS= 0
##$CY= 12.5
##$DATMOD= 1
##$DC= 1
##$DFILT= <>
##$DTYPP= 0
##$ERETIC= no
##$F1P= 1297.77716930378
##$F2P= -1380.0219862663
##$FCOR= 0.5
##$FTSIZE= 65536
##$FT_mod= 6
##$GAMMA= 1
##$GB= 0
##$INTBC= 1
##$INTSCL= 1
##$ISEN= 128
##$LB= 0
##$LEV0= 0
##$LPBIN= 0
##$MAXI= 50
##$MC2= 0
##$MEAN= 0
##$ME_mod= 0
##$MI= 1
##$MddCEXP= no
##$MddCT_SP= no
##$MddF180= no
##$MddLAMBDA= 0
##$MddMEMORY= 0
##$MddMERGE= 23
##$MddNCOMP= 0
##$MddNITER= 0
##$MddNOISE= 0.8
##$MddPHASE= 0
##$MddSEED= 0
##$MddSRSIZE= 0
##$Mdd_CsALG= 0
##$Mdd_CsLAMBDA= 1
##$Mdd_CsNITER= 0
##$Mdd_CsNORM= 0
##$Mdd_CsVE= yes
##$Mdd_CsZF= 0
##$Mdd_LrLAMBDA= 0
##$Mdd_LrNITER= 0
##$Mdd_LrRANK= 0
##$Mdd_LrZF= 0
##$Mdd_mod= 0
##$NCOEF= 64
##$NC_proc= 0
##$NLEV= 6
##$NOISF1= 5
##$NOISF2= -5
##$NSP= 32
##$NTH_PI= 0
##$NZP= 1
##$OFFSET= 6026.555
##$PC= 0.2
##$PHC0= -59.75469
##$PHC1= 42649.6
##$PH_mod= 2
##$PKNL= yes
##$PPARMOD= 0
##$PPDIAG= 0
##$PPIPTYP= 0
##$PPMPNUM= 2147483647
##$PPRESOL= 1
##$PSCAL= 0
##$PSIGN= 0
##$PYNMP= <proc.py>
##$RDF1= 0
##$RDF2= 0
##$RDFWHM= 0
##$RDINT= 0
##$RDPOS= 0
##$REVERSE= no
##$SF= 64.5012179902344
##$SI= 65536
##$SIGF1= 40
##$SIGF2= 20
##$SINO= 16
##$SIOLD= 65536
##$SPECTYP= <>
##$SREF_mod= 1
##$SREGLST= <RRRRRRRR>
##$SSB= 0
##$STSI= 0
##$STSR= 0
##$SW_p= 999999.999999999
##$SYMM= 0
##$S_DEV= 0
##$TDeff= 0
##$TDoff= 0
##$TI= <>
##$TILT= no
##$TM1= 0
##$TM2= 0
##$TOPLEV= 0
##$USERP1= <user>
##$USERP2= <user>
##$USERP3= <user>
##$USERP4= <user>
##$USERP5= <user>
##$WDW= 0
##$XDIM= 64
##$YMAX_p= 0
##$YMIN_p= 0
##END=
