##TITLE= Parameter file, TopSpin 4.0.8
##JCAMPDX= 5.0
##DATATYPE= Parameter Values
##NPOINTS= 3	$$ modification sequence number
##ORIGIN= Bruker BioSpin GmbH
##OWNER= m_buss13
$$ 2020-08-23 19:43:04.669 +0200  m_buss13@neo500
$$ /opt/nmrdata/data/m_buss13/nmr/2020_08_23_double_echo_119Sn_4mm_10kHz_cpmg/801//specpar
$$ process /opt/topspin4.0.8/prog/mod/acqdataserver
##$ANCIEN= (0..7)
0 0 0 0 0 0 0 0
##$BF1= 100.13
##$BF2= 100.13
##$BF3= 100.13
##$DEC= 1
##$DECB= 1
##$DEF19F= yes
##$DEFRSEL= yes
##$HPMOD= (0..32)
0 0 0 0 0 0 0 0 0 0 0 0 0 0 0 0 0 0 0 0 0 0 0 0 0 0 0 0 0 0 0 0 0
##$HPPRECH= (0..32)
-1 -1 -1 -1 -1 -1 -1 -1 -1 -1 -1 -1 -1 -1 -1 -1 -1 -1 -1 -1 -1 -1 -1 -1
-1 -1 -1 -1 -1 -1 -1 -1 -1
##$HPSELECT= yes
##$LOCSW19F= -1
##$LOCSW2H= -1
##$NUC1= 114
##$NUC2= 0
##$NUC3= 0
##$NUC4= 0
##$NUC5= 0
##$NUC6= 0
##$NUC7= 0
##$NUC8= 0
##$NUCARR= (0..123)
8.5967002 8.5967002 8.6517431 9.21418146 9.3622969 11.420556091 12.5948163
12.81651409 14.411232 15.361973 15.944662143 16.201517334 16.813104 17.213416
17.213416 17.455179429 18.164157 19.25300564 20.0506273 20.165717 20.254881494
20.848183909 20.866263 21.686011906 22.89834679 23.043715089 23.285813779
23.350063855 24.118798 24.1238019 24.520100772 25.826974339 26.108959116
27.271255 28.209656383 28.217177244 28.284524734 29.03271787 30.632049377
31.308416532 32.610046011 33.083700174 33.294424411 33.676392113 36.159767636
38.4099364 38.85728506 39.502267754 40.6867109 40.810432328 41.251756292
41.482331 44.715105599 46.517745562 48.312369278 49.027756845 49.711029382
49.890429205 50.704078357 53.760190266 54.942822 55.607980419 57.0644756
59.99475944 64.846625946 65.631862954 66.02295777 67.835155182 70.313867071
70.683295 73.637822735 76.812911675 80.409110223 85.679848195 87.564777293
89.623962206 95.431943901 99.413417029 100.115459195 104.684585336 106.160140372
106.783226 107.567757458 109.414051444 109.648604253 111.052428383 112.629412471
112.71084594 113.84673124 118.727905589 119.74621425 120.100375281 120.293756
121.553472813 122.476307063 124.04276795 124.396954 125.367610522 125.823165578
130.38591675 130.950771994 131.617321497 132.36266241 132.680775345 135.13791542
139.159389725 142.129239403 152.602457146 153.219418 157.871889099 160.544997499
163.721348121 163.729879771 178.30026081 186.598593465 194.470553808 202.561584894
285.83878048 288.644156968 381.191978006 470.837021643 500.39 533.735859499
100
##$NUCOFFS= (0..127)
<1H> <79Br> <35Cl> <13C> <19F> <14N> <15N> <39K> <31P> <11B> <127I> <23Na>
<75As> <6Li> <7Li> <45Sc> <195Pt> <2H> <183W> <119Sn> <27Al> <175Lu> <176Lu>
<95Mo> <67Zn> <73Ge> <17O> <203Tl> <197Au> <121Sb> <125Te> <191Ir> <193Ir>
<113In> <235U> <207Pb> <> <> <> <> <> <> <> <> <> <> <> <> <> <> <> <>
<> <> <> <> <> <> <> <> <> <> <> <> <> <> <> <> <> <> <> <> <> <> <> <>
<> <> <> <> <> <> <> <> <> <> <> <> <> <> <> <> <> <> <> <> <> <> <> <>
<> <> <> <> <> <> <> <> <> <> <> <> <> <> <> <> <> <> <> <> <> <> <> <>
<> <> <> <>
##$OBS= 1
##$OFFS= (0..127)
0 0 0 0 0 0 0 0 0 0 0 0 0 0 0 0 0 0 0 0 0 0 0 0 0 0 0 0 0 0 0 0 0 0 0 0
0 0 0 0 0 0 0 0 0 0 0 0 0 0 0 0 0 0 0 0 0 0 0 0 0 0 0 0 0 0 0 0 0 0 0 0
0 0 0 0 0 0 0 0 0 0 0 0 0 0 0 0 0 0 0 0 0 0 0 0 0 0 0 0 0 0 0 0 0 0 0 0
0 0 0 0 0 0 0 0 0 0 0 0 0 0 0 0 0 0 0 0
##$OFFSF= (0..7)
0 0 0 0 0 0 0 0
##$OFFSH= (0..7)
0 0 0 0 0 0 0 0
##$OFFSX= (0..7)
0 0 0 0 0 0 0 0
##$OFFSXAS= (0..7)
0 0 0 0 0 0 0 0
##$OFSF1= 0
##$OFSF2= 0
##$OFSH1= 0
##$OFSH2= 0
##$OFSH3= 0
##$OFSX1= 0
##$OFSX2= 0
##$OFSY= 0
##$PACOIL= (0..32)
0 0 0 0 0 0 0 0 0 0 0 0 0 0 0 0 0 0 0 0 0 0 0 0 0 0 0 0 0 0 0 0 0
##$PRECHAN= (0..32)
-1 0 2 4 -1 1 -1 -1 -1 -1 -1 -1 -1 -1 -1 -1 -1 -1 -1 -1 -1 -1 -1 -1 -1
-1 -1 -1 -1 -1 -1 -1 -1
##$RECPRE= (0..25)
-1 0 2 3 4 -1 -1 -1 -1 -1 -1 -1 -1 -1 -1 -1 -1 -1 -1 -1 -1 -1 -1 -1 -1
-1
##$RECPRFX= (0..32)
1 0 1 1 1 0 0 0 0 0 0 0 0 0 0 0 0 0 0 0 0 0 0 0 0 0 0 0 0 0 0 0 0
##$RECSEL= (0..24)
0 1 2 3 4 5 6 7 8 9 10 11 12 13 14 15 16 17 18 19 20 21 22 23 24
##$SELREC= (0..24)
0 0 0 0 0 0 0 0 0 0 0 0 0 0 0 0 0 0 0 0 0 0 0 0 0
##$SFO1= 186.598593
##$SFO2= 8.5967
##$SFO3= 8.5967
##$SFO4= 8.5967
##$SFO5= 8.59979
##$SFO6= 8.59979
##$SFO7= 8.59979
##$SFO8= 8.59979
##$TY= (0..123)
0 0 0 0 0 0 0 0 0 0 0 0 0 0 0 0 0 0 0 0 0 0 0 0 0 0 0 0 0 0 0 0 0 0 0 0
0 0 0 0 0 0 0 0 0 0 0 0 0 0 0 0 0 0 0 0 0 0 0 0 0 0 0 0 0 0 0 0 0 0 0 0
0 0 0 0 0 0 0 0 0 0 0 0 0 0 0 0 0 0 0 0 0 0 0 0 0 0 0 0 0 0 0 0 0 0 0 0
0 0 0 0 0 0 0 0 0 0 0 0 0 0 0 0
##END=
