##TITLE= Parameter file, TopSpin 4.1.1
##JCAMPDX= 5.0
##DATATYPE= Parameter Values
##NPOINTS= 3	$$ modification sequence number
##ORIGIN= Bruker BioSpin GmbH
##OWNER= p_keil01
$$ 2021-03-11 16:56:01.006 +0100  p_keil01@neo500
$$ /opt/nmrdata/data/p_keil01/nmr/14N-Glycine-WCPMG-MAS-4mmHFX/1005103//specpar
$$ process /opt/topspin4.1.1/prog/mod/acqdataserver
##$ANCIEN= (0..7)
0 0 0 0 0 0 0 0
##$BF1= 100.13
##$BF2= 100.13
##$BF3= 100.13
##$DEC= 1
##$DECB= 1
##$DEF19F= yes
##$DEFRSEL= yes
##$HPMOD= (0..32)
0 0 0 0 0 0 0 0 0 0 0 0 0 0 0 0 0 0 0 0 0 0 0 0 0 0 0 0 0 0 0 0 0
##$HPPRECH= (0..32)
-1 -1 -1 -1 -1 -1 -1 -1 -1 -1 -1 -1 -1 -1 -1 -1 -1 -1 -1 -1 -1 -1 -1 -1
-1 -1 -1 -1 -1 -1 -1 -1 -1
##$HPSELECT= yes
##$LOCSW19F= -1
##$LOCSW2H= -1
##$NUC1= 64
##$NUC2= 0
##$NUC3= 0
##$NUC4= 0
##$NUC5= 0
##$NUC6= 0
##$NUC7= 0
##$NUC8= 0
##$NUCARR= (0..123)
500.39 500.39 76.812911675 533.735859499 381.191978006 73.637822735 194.470553808
70.313867071 53.760190266 160.544997499 125.823165578 36.159767636 50.704078357
67.835155182 470.837021643 39.502267754 132.36266241 30.632049377 130.38591675
99.413417029 202.561584894 38.4099364 49.027756845 40.810432328 23.350063855
29.03271787 12.81651409 33.676392113 121.553472813 28.209656383 28.217177244
49.890429205 131.617321497 28.284524734 124.04276795 16.201517334 118.727905589
44.715105599 132.680775345 142.129239403 31.308416532 120.100375281 152.602457146
17.455179429 85.679848195 95.431943901 26.108959116 125.367610522 135.13791542
19.25300564 48.312369278 163.729879771 21.686011906 24.520100772 46.517745562
122.476307063 32.610046011 33.294424411 112.629412471 23.043715089 25.826974339
15.944662143 22.89834679 20.254881494 23.285813779 106.160140372 111.052428383
109.414051444 109.648604253 163.721348121 178.30026081 186.598593465 119.74621425
64.846625946 130.950771994 157.871889099 100.115459195 139.159389725 41.251756292
65.631862954 49.711029382 55.607980419 66.02295777 70.683295 153.219418
27.271255 16.813104 20.866263 17.213416 124.396954 54.942822 15.361973
20.165717 120.293756 17.213416 24.118798 106.783226 14.411232 41.482331
87.564777293 24.1238019 57.0644756 40.6867109 20.0506273 12.5948163 59.99475944
20.848183909 112.71084594 113.84673124 11.420556091 38.85728506 8.5967002
9.3622969 107.567757458 8.6517431 89.623962206 33.083700174 285.83878048
288.644156968 104.684585336 80.409110223 9.21418146 18.164157 100
##$NUCOFFS= (0..127)
<1H> <79Br> <35Cl> <13C> <19F> <14N> <15N> <39K> <31P> <11B> <127I> <23Na>
<75As> <6Li> <7Li> <45Sc> <195Pt> <2H> <183W> <119Sn> <27Al> <175Lu> <176Lu>
<95Mo> <67Zn> <73Ge> <17O> <203Tl> <197Au> <121Sb> <125Te> <191Ir> <193Ir>
<113In> <235U> <207Pb> <205Tl> <239Pu> <25Mg> <201Hg> <21Ne> <109Ag> <>
<> <> <> <> <> <> <> <> <> <> <> <> <> <> <> <> <> <> <> <> <> <> <> <>
<> <> <> <> <> <> <> <> <> <> <> <> <> <> <> <> <> <> <> <> <> <> <> <>
<> <> <> <> <> <> <> <> <> <> <> <> <> <> <> <> <> <> <> <> <> <> <> <>
<> <> <> <> <> <> <> <> <> <> <> <> <>
##$OBS= 1
##$OFFS= (0..127)
627.2 0 0 11594.36 0 0 0 0 0 0 0 0 0 0 0 0 0 0 0 0 0 0 0 0 0 0 0 0 0 0
0 0 0 0 0 0 0 0 0 0 0 0 0 0 0 0 0 0 0 0 0 0 0 0 0 0 0 0 0 0 0 0 0 0 0 0
0 0 0 0 0 0 0 0 0 0 0 0 0 0 0 0 0 0 0 0 0 0 0 0 0 0 0 0 0 0 0 0 0 0 0 0
0 0 0 0 0 0 0 0 0 0 0 0 0 0 0 0 0 0 0 0 0 0 0 0 0 0
##$OFFSF= (0..7)
0 0 0 0 0 0 0 0
##$OFFSH= (0..7)
0 0 0 0 0 0 0 0
##$OFFSX= (0..7)
0 0 0 0 0 0 0 0
##$OFFSXAS= (0..7)
0 0 0 0 0 0 0 0
##$OFSF1= 0
##$OFSF2= 0
##$OFSH1= 0
##$OFSH2= 0
##$OFSH3= 0
##$OFSX1= 0
##$OFSX2= 0
##$OFSY= 0
##$PACOIL= (0..32)
0 0 0 0 0 0 0 0 0 0 0 0 0 0 0 0 0 0 0 0 0 0 0 0 0 0 0 0 0 0 0 0 0
##$PRECHAN= (0..32)
-1 0 2 3 -1 4 -1 1 -1 -1 -1 -1 -1 -1 -1 -1 -1 -1 -1 -1 -1 -1 -1 -1 -1 -1
-1 -1 -1 -1 -1 -1 -1
##$RECPRE= (0..25)
-1 0 2 3 4 -1 -1 -1 -1 -1 -1 -1 -1 -1 -1 -1 -1 -1 -1 -1 -1 -1 -1 -1 -1
-1
##$RECPRFX= (0..32)
1 0 1 1 1 0 0 0 0 0 0 0 0 0 0 0 0 0 0 0 0 0 0 0 0 0 0 0 0 0 0 0 0
##$RECSEL= (0..24)
0 1 2 3 4 5 6 7 8 9 10 11 12 13 14 15 16 17 18 19 20 21 22 23 24
##$SELREC= (0..24)
0 0 0 0 0 0 0 0 0 0 0 0 0 0 0 0 0 0 0 0 0 0 0 0 0
##$SFO1= 23.285814
##$SFO2= 500.39
##$SFO3= 500.39
##$SFO4= 500.39
##$SFO5= 500.39309
##$SFO6= 500.39309
##$SFO7= 500.39309
##$SFO8= 500.39309
##$TY= (0..123)
0 0 0 0 0 0 0 0 0 0 0 0 0 0 0 0 0 0 0 0 0 0 0 0 0 0 0 0 0 0 0 0 0 0 0 0
0 0 0 0 0 0 0 0 0 0 0 0 0 0 0 0 0 0 0 0 0 0 0 0 0 0 0 0 0 0 0 0 0 0 0 0
0 0 0 0 0 0 0 0 0 0 0 0 0 0 0 0 0 0 0 0 0 0 0 0 0 0 0 0 0 0 0 0 0 0 0 0
0 0 0 0 0 0 0 0 0 0 0 0 0 0 0 0
##END=
